GEM
  remote: http://rubygems.org/
  specs:
    albacore (0.3.6)
      rubyzip (< 1.0.0)
    rake (10.3.2)
    rubyzip (0.9.9)
    visual_studio_files (0.1.1)

PLATFORMS
  ruby
  x86-mingw32

DEPENDENCIES
  albacore
  rake
  rubyzip (~> 0.9.9)
  visual_studio_files
